GEM
  remote: http://rubygems.org/
  specs:
    codemerger (0.0.9)
      maruku
    maruku (0.6.0)
      syntax (>= 1.0.0)
    syntax (1.0.0)

PLATFORMS
  x86-mingw32

DEPENDENCIES
  codemerger (= 0.0.9)
