GIT
  remote: git://github.com/urubatan/codemerger.git
  revision: 1699b863bb21a1c4e956763e6c4583cc9a816c42
  specs:
    codemerger (0.2.2)
      albino (= 1.3.3)
      redcarpet (= 2.0.0b3)

GEM
  remote: http://rubygems.org/
  specs:
    albino (1.3.3)
      posix-spawn (>= 0.3.6)
    posix-spawn (0.3.6)
    rake (0.9.2)
    redcarpet (2.0.0b3)

PLATFORMS
  ruby

DEPENDENCIES
  codemerger!
  rake
