GEM
  remote: http://rubygems.org/
  specs:
    codemerger (0.1.0)
      maruku
    maruku (0.6.0)
      syntax (>= 1.0.0)
    rake (0.9.2)
    syntax (1.0.0)

PLATFORMS
  ruby

DEPENDENCIES
  codemerger (= 0.1.0)
  rake
